GEM
  remote: https://rubygems.org/
  specs:
    base64 (0.2.0)
    datadog (2.15.0)
      datadog-ruby_core_source (~> 3.4)
      libdatadog (~> 16.0.1.1.0)
      libddwaf (~> 1.22.0.0.2)
      logger
      msgpack
    datadog-ruby_core_source (3.4.1)
    ffi (1.17.2)
    ffi (1.17.2-aarch64-linux-gnu)
    ffi (1.17.2-aarch64-linux-musl)
    ffi (1.17.2-arm-linux-gnu)
    ffi (1.17.2-arm-linux-musl)
    ffi (1.17.2-arm64-darwin)
    ffi (1.17.2-x86-linux-gnu)
    ffi (1.17.2-x86-linux-musl)
    ffi (1.17.2-x86_64-darwin)
    ffi (1.17.2-x86_64-linux-gnu)
    ffi (1.17.2-x86_64-linux-musl)
    karafka (2.4.18)
      base64 (~> 0.2)
      karafka-core (>= 2.4.4, < 2.5.0)
      karafka-rdkafka (>= 0.17.2)
      waterdrop (>= 2.7.3, < 3.0.0)
      zeitwerk (~> 2.3)
    karafka-core (2.4.11)
      karafka-rdkafka (>= 0.17.6, < 0.20.0)
      logger (>= 1.6.0)
    karafka-rdkafka (0.19.1)
      ffi (~> 1.15)
      mini_portile2 (~> 2.6)
      rake (> 12)
    libdatadog (16.0.1.1.0)
    libdatadog (16.0.1.1.0-aarch64-linux)
    libdatadog (16.0.1.1.0-x86_64-linux)
    libddwaf (1.22.0.0.2)
      ffi (~> 1.0)
    libddwaf (1.22.0.0.2-aarch64-linux)
      ffi (~> 1.0)
    libddwaf (1.22.0.0.2-arm64-darwin)
      ffi (~> 1.0)
    libddwaf (1.22.0.0.2-x86_64-darwin)
      ffi (~> 1.0)
    libddwaf (1.22.0.0.2-x86_64-linux)
      ffi (~> 1.0)
    logger (1.7.0)
    mini_portile2 (2.8.8)
    msgpack (1.8.0)
    rake (13.2.1)
    waterdrop (2.8.3)
      karafka-core (>= 2.4.9, < 3.0.0)
      karafka-rdkafka (>= 0.19.1)
      zeitwerk (~> 2.3)
    zeitwerk (2.7.2)

PLATFORMS
  aarch64-linux-gnu
  aarch64-linux-musl
  arm-linux-gnu
  arm-linux-musl
  arm64-darwin
  ruby
  x86-linux-gnu
  x86-linux-musl
  x86_64-darwin
  x86_64-linux-gnu
  x86_64-linux-musl

DEPENDENCIES
  datadog
  karafka (>= 2.4.0)

BUNDLED WITH
   2.5.11
